PATH
  remote: .
  specs:
    faye (1.0.0)
      cookiejar (>= 0.3.0)
      em-http-request (>= 0.3.0)
      eventmachine (>= 0.12.0)
      faye-websocket (>= 0.7.0)
      multi_json (>= 1.0.0)
      rack (>= 1.0.0)
      websocket-driver (>= 0.3.0)

GEM
  remote: https://rubygems.org/
  specs:
    RedCloth (3.0.4)
    addressable (2.3.5)
    chunky_png (1.2.8)
    compass (0.11.7)
      chunky_png (~> 1.2)
      fssm (>= 0.2.7)
      sass (~> 3.1)
    cookiejar (0.3.0)
    daemon_controller (1.1.5)
    daemons (1.1.9)
    diff-lcs (1.2.4)
    em-http-request (1.1.0)
      addressable (>= 2.3.4)
      cookiejar
      em-socksify (>= 0.3)
      eventmachine (>= 1.0.3)
      http_parser.rb (>= 0.6.0.beta.2)
    em-socksify (0.3.0)
      eventmachine (>= 1.0.0.beta.4)
    eventmachine (1.0.3)
    faye-websocket (0.7.0)
      eventmachine (>= 0.12.0)
      websocket-driver (>= 0.3.0)
    fssm (0.2.10)
    haml (3.1.8)
    http_parser.rb (0.6.0.beta.2)
    kgio (2.8.1)
    multi_json (1.8.0)
    passenger (4.0.18)
      daemon_controller (>= 1.1.0)
      rack
      rake (>= 0.8.1)
    puma (2.6.0)
      rack (>= 1.1, < 2.0)
    rack (1.5.2)
    rack-protection (1.5.0)
      rack
    rack-proxy (0.4.0)
      rack
    rack-test (0.6.2)
      rack (>= 1.0)
    rainbows (4.4.3)
      kgio (~> 2.5)
      rack (~> 1.1)
      unicorn (~> 4.1)
    raindrops (0.12.0)
    rake (10.1.0)
    rspec (2.14.1)
      rspec-core (~> 2.14.0)
      rspec-expectations (~> 2.14.0)
      rspec-mocks (~> 2.14.0)
    rspec-core (2.14.5)
    rspec-expectations (2.14.2)
      diff-lcs (>= 1.1.3, < 2.0)
    rspec-mocks (2.14.3)
    sass (3.2.10)
    sinatra (1.4.3)
      rack (~> 1.4)
      rack-protection (~> 1.4)
      tilt (~> 1.3, >= 1.3.4)
    staticmatic (0.11.1)
      compass (>= 0.10.0)
      haml (>= 2.0.0)
      rack (>= 1.0)
    thin (1.5.1)
      daemons (>= 1.0.9)
      eventmachine (>= 0.12.6)
      rack (>= 1.0.0)
    tilt (1.4.1)
    unicorn (4.6.3)
      kgio (~> 2.6)
      rack
      raindrops (~> 0.7)
    websocket-driver (0.3.0)

PLATFORMS
  ruby

DEPENDENCIES
  RedCloth (~> 3.0.0)
  compass (~> 0.11.0)
  faye!
  haml (~> 3.1.0)
  passenger (>= 4.0.0)
  puma (>= 2.0.0)
  rack-proxy (~> 0.4.0)
  rack-test
  rainbows (~> 4.4.0)
  rake
  rspec
  sinatra
  staticmatic
  thin (>= 1.2.0)
